GEM
  remote: https://rubygems.org/
  specs:
    minitest (5.17.0)
    rack (2.2.6.2)
    rack-test (2.0.2)
      rack (>= 1.3)
    rulers (0.0.2)
      minitest
      rack (~> 2.2)
      rack-test
      webrick
    webrick (1.8.1)

PLATFORMS
  x86_64-linux

DEPENDENCIES
  rulers

BUNDLED WITH
   2.3.26
