PATH
  remote: ../rulers
  specs:
    rulers (0.0.3)
      erubis
      minitest
      rack (~> 2.2)
      rack-test
      webrick

GEM
  remote: https://rubygems.org/
  specs:
    erubis (2.7.0)
    ffi (1.15.5)
    listen (3.8.0)
      rb-fsevent (~> 0.10, >= 0.10.3)
      rb-inotify (~> 0.9, >= 0.9.10)
    minitest (5.18.0)
    rack (2.2.6.4)
    rack-test (2.1.0)
      rack (>= 1.3)
    rb-fsevent (0.11.2)
    rb-inotify (0.10.1)
      ffi (~> 1.0)
    rerun (0.14.0)
      listen (~> 3.0)
    webrick (1.8.1)

PLATFORMS
  x86_64-linux

DEPENDENCIES
  listen
  rerun
  rulers!

BUNDLED WITH
   2.3.26
