GEM
  remote: https://rubygems.org/
  specs:
    rack (2.2.6.2)
    rulers (0.0.1)
      rack (~> 2.2)
      webrick
    webrick (1.7.0)

PLATFORMS
  x86_64-linux

DEPENDENCIES
  rulers

BUNDLED WITH
   2.3.26
